GEM
  remote: http://rubygems.org/
  specs:
    daemons (1.1.4)
    eventmachine (0.12.10)
    eventmachine (0.12.10-java)
    rack (1.2.2)
    sinatra (1.0)
      rack (>= 1.0)
    thin (1.2.11)
      daemons (>= 1.0.9)
      eventmachine (>= 0.12.6)
      rack (>= 1.0.0)

PLATFORMS
  java
  ruby

DEPENDENCIES
  sinatra
  thin
